PATH
  remote: .
  specs:
    downspout (0.4.0)

GEM
  remote: https://rubygems.org/
  specs:
    activesupport (7.0.4.1)
      concurrent-ruby (~> 1.0, >= 1.0.2)
      i18n (>= 1.6, < 2)
      minitest (>= 5.1)
      tzinfo (~> 2.0)
    bourne (1.1.2)
      mocha (= 0.10.5)
    concurrent-ruby (1.1.10)
    curb (0.8.3)
    i18n (1.12.0)
      concurrent-ruby (~> 1.0)
    json (1.7.7)
    metaclass (0.0.1)
    minitest (5.17.0)
    mocha (0.10.5)
      metaclass (~> 0.0.1)
    multi_json (1.15.0)
    rake (10.0.3)
    rdoc (4.0.0)
      json (~> 1.4)
    shoulda (3.3.2)
      shoulda-context (~> 1.0.1)
      shoulda-matchers (~> 1.4.1)
    shoulda-context (1.0.2)
    shoulda-matchers (1.4.2)
      activesupport (>= 3.0.0)
      bourne (~> 1.1.2)
    simplecov (0.7.1)
      multi_json (~> 1.0)
      simplecov-html (~> 0.7.1)
    simplecov-html (0.7.1)
    tzinfo (2.0.5)
      concurrent-ruby (~> 1.0)

PLATFORMS
  ruby

DEPENDENCIES
  curb (>= 0.7.15)
  downspout!
  mocha (>= 0.9.12)
  rake (>= 0.9.6)
  rdoc (>= 2.4.2)
  shoulda (>= 2.11.3)
  simplecov (~> 0.7.1)
