PATH
  remote: .
  specs:
    downspout (0.4.0)

GEM
  remote: https://rubygems.org/
  specs:
    activesupport (3.2.12)
      i18n (~> 0.6)
      multi_json (~> 1.0)
    bourne (1.1.2)
      mocha (= 0.10.5)
    curb (0.8.3)
    i18n (0.6.4)
    metaclass (0.0.1)
    mocha (0.10.5)
      metaclass (~> 0.0.1)
    multi_json (1.6.1)
    rake (10.0.3)
    rdoc (6.3.2)
    shoulda (3.3.2)
      shoulda-context (~> 1.0.1)
      shoulda-matchers (~> 1.4.1)
    shoulda-context (1.0.2)
    shoulda-matchers (1.4.2)
      activesupport (>= 3.0.0)
      bourne (~> 1.1.2)
    simplecov (0.7.1)
      multi_json (~> 1.0)
      simplecov-html (~> 0.7.1)
    simplecov-html (0.7.1)

PLATFORMS
  ruby

DEPENDENCIES
  curb (>= 0.7.15)
  downspout!
  mocha (>= 0.9.12)
  rake (>= 0.9.6)
  rdoc (>= 2.4.2)
  shoulda (>= 2.11.3)
  simplecov (~> 0.7.1)
